GEM
  remote: http://rubygems.org/
  specs:
    activesupport (3.1.3)
      multi_json (~> 1.0)
    ansi (1.4.1)
    multi_json (1.0.3)
    turn (0.8.3)
      ansi

PLATFORMS
  ruby

DEPENDENCIES
  activesupport (>= 3.1.0)
  turn
